GEM
  remote: http://rubygems.org/
  specs:
    api_cache (0.2.0)
    crack (0.1.8)
    diff-lcs (1.1.2)
    httparty (0.6.1)
      crack (= 0.1.8)
    mechanize (1.0.0)
      nokogiri (>= 1.2.1)
    nokogiri (1.4.4)
    octopi (0.4.0)
      api_cache
      httparty (>= 0.4.5)
      mechanize (>= 0.9.3)
      nokogiri (>= 1.3.1)
    rspec (2.4.0)
      rspec-core (~> 2.4.0)
      rspec-expectations (~> 2.4.0)
      rspec-mocks (~> 2.4.0)
    rspec-core (2.4.0)
    rspec-expectations (2.4.0)
      diff-lcs (~> 1.1.2)
    rspec-mocks (2.4.0)

PLATFORMS
  ruby

DEPENDENCIES
  octopi
  rspec
